STORAGE: NONE
RESTRICTION: == net6.0
NUGET
  remote: https://api.nuget.org/v3/index.json
    Argu (6.1.1)
      FSharp.Core (>= 4.3.2)
      System.Configuration.ConfigurationManager (>= 4.4)
    BoDi (1.5)
    Expecto (9.0.4)
      FSharp.Core (>= 4.6)
      Mono.Cecil (>= 0.11.3)
    Fleece.SystemTextJson (0.9)
      FSharp.Core (>= 4.6.2)
      FSharpPlus (>= 1.2.2)
      System.Text.Json (>= 4.7.1)
    FSharp.Core (6.0.3)
    FSharp.Data (4.2.7)
      FSharp.Core (>= 4.7.2)
    FSharpPlus (1.2.2)
      FSharp.Core (>= 4.6.2)
    Gherkin (22.0)
    GitInfo (2.2) - copy_local: true
    Microsoft.CodeCoverage (17.1)
    Microsoft.Extensions.DependencyModel (6.0)
      System.Buffers (>= 4.5.1)
      System.Memory (>= 4.5.4)
      System.Runtime.CompilerServices.Unsafe (>= 6.0)
      System.Text.Encodings.Web (>= 6.0)
      System.Text.Json (>= 6.0)
    Microsoft.NET.Test.Sdk (17.1)
      Microsoft.CodeCoverage (>= 17.1)
      Microsoft.TestPlatform.TestHost (>= 17.1)
    Microsoft.NETCore.Platforms (6.0.1)
    Microsoft.NETCore.Targets (5.0)
    Microsoft.TestPlatform.ObjectModel (17.1)
      NuGet.Frameworks (>= 5.11)
      System.Reflection.Metadata (>= 1.6)
    Microsoft.TestPlatform.TestHost (17.1)
      Microsoft.TestPlatform.ObjectModel (>= 17.1)
      Newtonsoft.Json (>= 9.0.1)
    Microsoft.Win32.SystemEvents (6.0)
    Milekic.YoLo (3.0) - storage: packages
      FSharp.Core (>= 6.0)
    Mono.Cecil (0.11.4)
    NETStandard.Library (2.0.3)
      Microsoft.NETCore.Platforms (>= 1.1)
    Newtonsoft.Json (13.0.1)
    NuGet.Frameworks (6.1)
    runtime.debian.8-x64.runtime.native.System.Security.Cryptography.OpenSsl (4.3.3)
    runtime.debian.9-x64.runtime.native.System.Security.Cryptography.OpenSsl (4.3.3)
    runtime.fedora.23-x64.runtime.native.System.Security.Cryptography.OpenSsl (4.3.3)
    runtime.fedora.24-x64.runtime.native.System.Security.Cryptography.OpenSsl (4.3.3)
    runtime.fedora.27-x64.runtime.native.System.Security.Cryptography.OpenSsl (4.3.3)
    runtime.fedora.28-x64.runtime.native.System.Security.Cryptography.OpenSsl (4.3.3)
    runtime.native.System (4.3.1)
      Microsoft.NETCore.Platforms (>= 1.1.1)
      Microsoft.NETCore.Targets (>= 1.1.3)
    runtime.native.System.Net.Http (4.3.1)
      Microsoft.NETCore.Platforms (>= 1.1.1)
      Microsoft.NETCore.Targets (>= 1.1.3)
    runtime.native.System.Security.Cryptography.Apple (4.3.1)
      runtime.osx.10.10-x64.runtime.native.System.Security.Cryptography.Apple (>= 4.3.1)
    runtime.native.System.Security.Cryptography.OpenSsl (4.3.3)
      runtime.debian.8-x64.runtime.native.System.Security.Cryptography.OpenSsl (>= 4.3.3)
      runtime.debian.9-x64.runtime.native.System.Security.Cryptography.OpenSsl (>= 4.3.3)
      runtime.fedora.23-x64.runtime.native.System.Security.Cryptography.OpenSsl (>= 4.3.3)
      runtime.fedora.24-x64.runtime.native.System.Security.Cryptography.OpenSsl (>= 4.3.3)
      runtime.fedora.27-x64.runtime.native.System.Security.Cryptography.OpenSsl (>= 4.3.3)
      runtime.fedora.28-x64.runtime.native.System.Security.Cryptography.OpenSsl (>= 4.3.3)
      runtime.opensuse.13.2-x64.runtime.native.System.Security.Cryptography.OpenSsl (>= 4.3.3)
      runtime.opensuse.42.1-x64.runtime.native.System.Security.Cryptography.OpenSsl (>= 4.3.3)
      runtime.opensuse.42.3-x64.runtime.native.System.Security.Cryptography.OpenSsl (>= 4.3.3)
      runtime.osx.10.10-x64.runtime.native.System.Security.Cryptography.OpenSsl (>= 4.3.3)
      runtime.rhel.7-x64.runtime.native.System.Security.Cryptography.OpenSsl (>= 4.3.3)
      runtime.ubuntu.14.04-x64.runtime.native.System.Security.Cryptography.OpenSsl (>= 4.3.3)
      runtime.ubuntu.16.04-x64.runtime.native.System.Security.Cryptography.OpenSsl (>= 4.3.3)
      runtime.ubuntu.16.10-x64.runtime.native.System.Security.Cryptography.OpenSsl (>= 4.3.3)
      runtime.ubuntu.18.04-x64.runtime.native.System.Security.Cryptography.OpenSsl (>= 4.3.3)
    runtime.opensuse.13.2-x64.runtime.native.System.Security.Cryptography.OpenSsl (4.3.3)
    runtime.opensuse.42.1-x64.runtime.native.System.Security.Cryptography.OpenSsl (4.3.3)
    runtime.opensuse.42.3-x64.runtime.native.System.Security.Cryptography.OpenSsl (4.3.3)
    runtime.osx.10.10-x64.runtime.native.System.Security.Cryptography.Apple (4.3.1)
    runtime.osx.10.10-x64.runtime.native.System.Security.Cryptography.OpenSsl (4.3.3)
    runtime.rhel.7-x64.runtime.native.System.Security.Cryptography.OpenSsl (4.3.3)
    runtime.ubuntu.14.04-x64.runtime.native.System.Security.Cryptography.OpenSsl (4.3.3)
    runtime.ubuntu.16.04-x64.runtime.native.System.Security.Cryptography.OpenSsl (4.3.3)
    runtime.ubuntu.16.10-x64.runtime.native.System.Security.Cryptography.OpenSsl (4.3.3)
    runtime.ubuntu.18.04-x64.runtime.native.System.Security.Cryptography.OpenSsl (4.3.3)
    SpecFlow (3.9.52)
      BoDi (>= 1.5)
      Gherkin (>= 19.0.3)
      Microsoft.Extensions.DependencyModel (>= 1.0.3)
      SpecFlow.Internal.Json (>= 1.0.8)
      System.Configuration.ConfigurationManager (>= 4.5)
      System.Net.Http (>= 4.3.4)
      System.Runtime.Loader (>= 4.3)
    SpecFlow.Internal.Json (1.0.8)
    SpecFlow.Plus.LivingDocPlugin (3.9.57)
      SpecFlow (>= 3.9.8 < 3.10)
      SpecFlow.Internal.Json (>= 1.0.8)
      SpecFlow.Tools.MsBuild.Generation (>= 3.9.8 < 3.10)
    SpecFlow.Tools.MsBuild.Generation (3.9.52)
      SpecFlow (3.9.52)
    SpecFlow.xUnit (3.9.52)
      SpecFlow (3.9.52)
      SpecFlow.Tools.MsBuild.Generation (3.9.52)
      xunit.core (>= 2.4)
      Xunit.SkippableFact (>= 1.3.12)
    System.Buffers (4.5.1)
    System.Collections (4.3)
      Microsoft.NETCore.Platforms (>= 1.1)
      Microsoft.NETCore.Targets (>= 1.1)
      System.Runtime (>= 4.3)
    System.Collections.Concurrent (4.3)
      System.Collections (>= 4.3)
      System.Diagnostics.Debug (>= 4.3)
      System.Diagnostics.Tracing (>= 4.3)
      System.Globalization (>= 4.3)
      System.Reflection (>= 4.3)
      System.Resources.ResourceManager (>= 4.3)
      System.Runtime (>= 4.3)
      System.Runtime.Extensions (>= 4.3)
      System.Threading (>= 4.3)
      System.Threading.Tasks (>= 4.3)
    System.Collections.Immutable (6.0)
      System.Runtime.CompilerServices.Unsafe (>= 6.0)
    System.Configuration.ConfigurationManager (6.0)
      System.Security.Cryptography.ProtectedData (>= 6.0)
      System.Security.Permissions (>= 6.0)
    System.Diagnostics.Debug (4.3)
      Microsoft.NETCore.Platforms (>= 1.1)
      Microsoft.NETCore.Targets (>= 1.1)
      System.Runtime (>= 4.3)
    System.Diagnostics.DiagnosticSource (6.0)
      System.Runtime.CompilerServices.Unsafe (>= 6.0)
    System.Diagnostics.Tracing (4.3)
      Microsoft.NETCore.Platforms (>= 1.1)
      Microsoft.NETCore.Targets (>= 1.1)
      System.Runtime (>= 4.3)
    System.Drawing.Common (6.0)
      Microsoft.Win32.SystemEvents (>= 6.0)
    System.Formats.Asn1 (6.0)
    System.Globalization (4.3)
      Microsoft.NETCore.Platforms (>= 1.1)
      Microsoft.NETCore.Targets (>= 1.1)
      System.Runtime (>= 4.3)
    System.Globalization.Calendars (4.3)
      Microsoft.NETCore.Platforms (>= 1.1)
      Microsoft.NETCore.Targets (>= 1.1)
      System.Globalization (>= 4.3)
      System.Runtime (>= 4.3)
    System.Globalization.Extensions (4.3)
      Microsoft.NETCore.Platforms (>= 1.1)
      System.Globalization (>= 4.3)
      System.Resources.ResourceManager (>= 4.3)
      System.Runtime (>= 4.3)
      System.Runtime.Extensions (>= 4.3)
      System.Runtime.InteropServices (>= 4.3)
    System.IO (4.3)
      Microsoft.NETCore.Platforms (>= 1.1)
      Microsoft.NETCore.Targets (>= 1.1)
      System.Runtime (>= 4.3)
      System.Text.Encoding (>= 4.3)
      System.Threading.Tasks (>= 4.3)
    System.IO.FileSystem (4.3)
      Microsoft.NETCore.Platforms (>= 1.1)
      Microsoft.NETCore.Targets (>= 1.1)
      System.IO (>= 4.3)
      System.IO.FileSystem.Primitives (>= 4.3)
      System.Runtime (>= 4.3)
      System.Runtime.Handles (>= 4.3)
      System.Text.Encoding (>= 4.3)
      System.Threading.Tasks (>= 4.3)
    System.IO.FileSystem.Primitives (4.3)
      System.Runtime (>= 4.3)
    System.Linq (4.3)
      System.Collections (>= 4.3)
      System.Diagnostics.Debug (>= 4.3)
      System.Resources.ResourceManager (>= 4.3)
      System.Runtime (>= 4.3)
      System.Runtime.Extensions (>= 4.3)
    System.Memory (4.5.4)
    System.Net.Http (4.3.4)
      Microsoft.NETCore.Platforms (>= 1.1.1)
      runtime.native.System (>= 4.3)
      runtime.native.System.Net.Http (>= 4.3)
      runtime.native.System.Security.Cryptography.OpenSsl (>= 4.3.2)
      System.Collections (>= 4.3)
      System.Diagnostics.Debug (>= 4.3)
      System.Diagnostics.DiagnosticSource (>= 4.3)
      System.Diagnostics.Tracing (>= 4.3)
      System.Globalization (>= 4.3)
      System.Globalization.Extensions (>= 4.3)
      System.IO (>= 4.3)
      System.IO.FileSystem (>= 4.3)
      System.Net.Primitives (>= 4.3)
      System.Resources.ResourceManager (>= 4.3)
      System.Runtime (>= 4.3)
      System.Runtime.Extensions (>= 4.3)
      System.Runtime.Handles (>= 4.3)
      System.Runtime.InteropServices (>= 4.3)
      System.Security.Cryptography.Algorithms (>= 4.3)
      System.Security.Cryptography.Encoding (>= 4.3)
      System.Security.Cryptography.OpenSsl (>= 4.3)
      System.Security.Cryptography.Primitives (>= 4.3)
      System.Security.Cryptography.X509Certificates (>= 4.3)
      System.Text.Encoding (>= 4.3)
      System.Threading (>= 4.3)
      System.Threading.Tasks (>= 4.3)
    System.Net.Primitives (4.3.1)
      Microsoft.NETCore.Platforms (>= 1.1.1)
      Microsoft.NETCore.Targets (>= 1.1.3)
      System.Runtime (>= 4.3.1)
      System.Runtime.Handles (>= 4.3)
    System.Reflection (4.3)
      Microsoft.NETCore.Platforms (>= 1.1)
      Microsoft.NETCore.Targets (>= 1.1)
      System.IO (>= 4.3)
      System.Reflection.Primitives (>= 4.3)
      System.Runtime (>= 4.3)
    System.Reflection.Metadata (6.0)
      System.Collections.Immutable (>= 6.0)
    System.Reflection.Primitives (4.3)
      Microsoft.NETCore.Platforms (>= 1.1)
      Microsoft.NETCore.Targets (>= 1.1)
      System.Runtime (>= 4.3)
    System.Resources.ResourceManager (4.3)
      Microsoft.NETCore.Platforms (>= 1.1)
      Microsoft.NETCore.Targets (>= 1.1)
      System.Globalization (>= 4.3)
      System.Reflection (>= 4.3)
      System.Runtime (>= 4.3)
    System.Runtime (4.3.1)
      Microsoft.NETCore.Platforms (>= 1.1.1)
      Microsoft.NETCore.Targets (>= 1.1.3)
    System.Runtime.CompilerServices.Unsafe (6.0)
    System.Runtime.Extensions (4.3.1)
      Microsoft.NETCore.Platforms (>= 1.1.1)
      Microsoft.NETCore.Targets (>= 1.1.3)
      System.Runtime (>= 4.3.1)
    System.Runtime.Handles (4.3)
      Microsoft.NETCore.Platforms (>= 1.1)
      Microsoft.NETCore.Targets (>= 1.1)
      System.Runtime (>= 4.3)
    System.Runtime.InteropServices (4.3)
      Microsoft.NETCore.Platforms (>= 1.1)
      Microsoft.NETCore.Targets (>= 1.1)
      System.Reflection (>= 4.3)
      System.Reflection.Primitives (>= 4.3)
      System.Runtime (>= 4.3)
      System.Runtime.Handles (>= 4.3)
    System.Runtime.Loader (4.3)
      System.IO (>= 4.3)
      System.Reflection (>= 4.3)
      System.Runtime (>= 4.3)
    System.Runtime.Numerics (4.3)
      System.Globalization (>= 4.3)
      System.Resources.ResourceManager (>= 4.3)
      System.Runtime (>= 4.3)
      System.Runtime.Extensions (>= 4.3)
    System.Security.AccessControl (6.0)
    System.Security.Cryptography.Algorithms (4.3.1)
      Microsoft.NETCore.Platforms (>= 1.1)
      runtime.native.System.Security.Cryptography.Apple (>= 4.3.1)
      runtime.native.System.Security.Cryptography.OpenSsl (>= 4.3.2)
      System.Collections (>= 4.3)
      System.IO (>= 4.3)
      System.Resources.ResourceManager (>= 4.3)
      System.Runtime (>= 4.3)
      System.Runtime.Extensions (>= 4.3)
      System.Runtime.Handles (>= 4.3)
      System.Runtime.InteropServices (>= 4.3)
      System.Runtime.Numerics (>= 4.3)
      System.Security.Cryptography.Encoding (>= 4.3)
      System.Security.Cryptography.Primitives (>= 4.3)
      System.Text.Encoding (>= 4.3)
    System.Security.Cryptography.Cng (5.0)
      System.Formats.Asn1 (>= 5.0)
    System.Security.Cryptography.Csp (4.3)
      Microsoft.NETCore.Platforms (>= 1.1)
      System.IO (>= 4.3)
      System.Reflection (>= 4.3)
      System.Resources.ResourceManager (>= 4.3)
      System.Runtime (>= 4.3)
      System.Runtime.Extensions (>= 4.3)
      System.Runtime.Handles (>= 4.3)
      System.Runtime.InteropServices (>= 4.3)
      System.Security.Cryptography.Algorithms (>= 4.3)
      System.Security.Cryptography.Encoding (>= 4.3)
      System.Security.Cryptography.Primitives (>= 4.3)
      System.Text.Encoding (>= 4.3)
      System.Threading (>= 4.3)
    System.Security.Cryptography.Encoding (4.3)
      Microsoft.NETCore.Platforms (>= 1.1)
      runtime.native.System.Security.Cryptography.OpenSsl (>= 4.3)
      System.Collections (>= 4.3)
      System.Collections.Concurrent (>= 4.3)
      System.Linq (>= 4.3)
      System.Resources.ResourceManager (>= 4.3)
      System.Runtime (>= 4.3)
      System.Runtime.Extensions (>= 4.3)
      System.Runtime.Handles (>= 4.3)
      System.Runtime.InteropServices (>= 4.3)
      System.Security.Cryptography.Primitives (>= 4.3)
      System.Text.Encoding (>= 4.3)
    System.Security.Cryptography.OpenSsl (5.0)
      System.Formats.Asn1 (>= 5.0)
    System.Security.Cryptography.Primitives (4.3)
      System.Diagnostics.Debug (>= 4.3)
      System.Globalization (>= 4.3)
      System.IO (>= 4.3)
      System.Resources.ResourceManager (>= 4.3)
      System.Runtime (>= 4.3)
      System.Threading (>= 4.3)
      System.Threading.Tasks (>= 4.3)
    System.Security.Cryptography.ProtectedData (6.0)
    System.Security.Cryptography.X509Certificates (4.3.2)
      Microsoft.NETCore.Platforms (>= 1.1)
      runtime.native.System (>= 4.3)
      runtime.native.System.Net.Http (>= 4.3)
      runtime.native.System.Security.Cryptography.OpenSsl (>= 4.3.2)
      System.Collections (>= 4.3)
      System.Diagnostics.Debug (>= 4.3)
      System.Globalization (>= 4.3)
      System.Globalization.Calendars (>= 4.3)
      System.IO (>= 4.3)
      System.IO.FileSystem (>= 4.3)
      System.IO.FileSystem.Primitives (>= 4.3)
      System.Resources.ResourceManager (>= 4.3)
      System.Runtime (>= 4.3)
      System.Runtime.Extensions (>= 4.3)
      System.Runtime.Handles (>= 4.3)
      System.Runtime.InteropServices (>= 4.3)
      System.Runtime.Numerics (>= 4.3)
      System.Security.Cryptography.Algorithms (>= 4.3)
      System.Security.Cryptography.Cng (>= 4.3)
      System.Security.Cryptography.Csp (>= 4.3)
      System.Security.Cryptography.Encoding (>= 4.3)
      System.Security.Cryptography.OpenSsl (>= 4.3)
      System.Security.Cryptography.Primitives (>= 4.3)
      System.Text.Encoding (>= 4.3)
      System.Threading (>= 4.3)
    System.Security.Permissions (6.0)
      System.Security.AccessControl (>= 6.0)
      System.Windows.Extensions (>= 6.0)
    System.Text.Encoding (4.3)
      Microsoft.NETCore.Platforms (>= 1.1)
      Microsoft.NETCore.Targets (>= 1.1)
      System.Runtime (>= 4.3)
    System.Text.Encodings.Web (6.0)
      System.Runtime.CompilerServices.Unsafe (>= 6.0)
    System.Text.Json (6.0.2)
      System.Runtime.CompilerServices.Unsafe (>= 6.0)
      System.Text.Encodings.Web (>= 6.0)
    System.Threading (4.3)
      System.Runtime (>= 4.3)
      System.Threading.Tasks (>= 4.3)
    System.Threading.Tasks (4.3)
      Microsoft.NETCore.Platforms (>= 1.1)
      Microsoft.NETCore.Targets (>= 1.1)
      System.Runtime (>= 4.3)
    System.Windows.Extensions (6.0)
      System.Drawing.Common (>= 6.0)
    Unquote (6.1)
      FSharp.Core (>= 4.7.2)
    Validation (2.5.51)
    xunit (2.4.1)
      xunit.analyzers (>= 0.10)
      xunit.assert (2.4.1)
      xunit.core (2.4.1)
    xunit.abstractions (2.0.3)
    xunit.analyzers (0.10)
    xunit.assert (2.4.1)
      NETStandard.Library (>= 1.6.1)
    xunit.core (2.4.1)
      xunit.extensibility.core (2.4.1)
      xunit.extensibility.execution (2.4.1)
    xunit.extensibility.core (2.4.1)
      NETStandard.Library (>= 1.6.1)
      xunit.abstractions (>= 2.0.3)
    xunit.extensibility.execution (2.4.1)
      NETStandard.Library (>= 1.6.1)
      xunit.extensibility.core (2.4.1)
    xunit.runner.visualstudio (2.4.3)
    Xunit.SkippableFact (1.4.13)
      Validation (>= 2.4.18)
      xunit.extensibility.execution (>= 2.4)
    YoloDev.Expecto.TestSdk (0.12.13)
      Expecto (>= 9.0 < 10.0)
      FSharp.Core (>= 4.6)
      System.Collections.Immutable (>= 1.5)
  remote: https://nuget.nikolamilekic.com/index.json
    Fs1PasswordConnect (1.0.0)
      Fleece.SystemTextJson (>= 0.9)
      FSharp.Core (>= 6.0)
      FSharp.Data (>= 4.2.7)
      FSharpPlus (>= 1.2.2)
      Milekic.YoLo (>= 3.0)
